GEM
  remote: http://rubygems.org/
  specs:
    json (1.7.3)
    mime-types (1.19)
    rest-client (1.6.1)
      mime-types (>= 1.16)
    thor (0.15.4)

PLATFORMS
  ruby

DEPENDENCIES
  json
  rest-client (= 1.6.1)
  thor (= 0.15.4)
